GEM
  remote: http://rubygems.org/
  specs:
    em-synchrony (1.0.3)
      eventmachine (>= 1.0.0.beta.1)
    eventmachine (1.0.3)

PLATFORMS
  ruby

DEPENDENCIES
  em-synchrony
